PATH
  remote: .
  specs:
    polidea-artifacts (0.1.0)
      CFPropertyList (~> 2.2.8)
      aws-sdk (~> 1.51.0)
      dropbox-sdk (~> 1.6.4)
      mailgun-ruby (~> 1.0.2)
      rqrcode_png (~> 0.1.2)
      rubyzip (~> 1.1.6)
      shorturl (~> 1.0.0)

GEM
  remote: https://rubygems.org/
  specs:
    CFPropertyList (2.2.8)
    aws-sdk (1.51.0)
      json (~> 1.4)
      nokogiri (>= 1.4.4)
    chunky_png (1.3.1)
    diff-lcs (1.2.5)
    dropbox-sdk (1.6.4)
      json
    json (1.8.1)
    mailgun-ruby (1.0.2)
      json (~> 1.8)
      rest-client (~> 1.6)
    mime-types (2.3)
    mini_portile (0.6.0)
    netrc (0.7.7)
    nokogiri (1.6.3.1)
      mini_portile (= 0.6.0)
    rest-client (1.7.2)
      mime-types (>= 1.16, < 3.0)
      netrc (~> 0.7)
    rqrcode (0.4.2)
    rqrcode_png (0.1.2)
      chunky_png
      rqrcode
    rspec (3.0.0)
      rspec-core (~> 3.0.0)
      rspec-expectations (~> 3.0.0)
      rspec-mocks (~> 3.0.0)
    rspec-core (3.0.3)
      rspec-support (~> 3.0.0)
    rspec-expectations (3.0.3)
      diff-lcs (>= 1.2.0, < 2.0)
      rspec-support (~> 3.0.0)
    rspec-mocks (3.0.3)
      rspec-support (~> 3.0.0)
    rspec-support (3.0.3)
    rubyzip (1.1.6)
    shorturl (1.0.0)

PLATFORMS
  ruby

DEPENDENCIES
  polidea-artifacts!
  rspec
